GEM
  remote: https://rubygems.org/
  specs:
    CFPropertyList (2.3.6)
    concurrent-ruby (1.1.7)
    deep_merge (1.2.1)
    diff-lcs (1.4.4)
    facter (4.0.46)
      hocon (~> 1.3)
      thor (>= 1.0.1, < 2.0)
    fast_gettext (1.8.0)
    hiera (3.6.0)
    hocon (1.3.1)
    locale (2.1.3)
    mocha (1.11.2)
    multi_json (1.15.0)
    pathspec (0.2.1)
    puppet (7.0.0)
      CFPropertyList (~> 2.2)
      concurrent-ruby (~> 1.0)
      deep_merge (~> 1.0)
      facter (> 2.0.1, < 5)
      fast_gettext (~> 1.1)
      hiera (>= 3.2.1, < 4)
      locale (~> 2.1)
      multi_json (~> 1.10)
      puppet-resource_api (~> 1.5)
      semantic_puppet (~> 1.0)
    puppet-lint (2.4.2)
    puppet-resource_api (1.8.13)
      hocon (>= 1.0)
    puppet-syntax (3.1.0)
      puppet (>= 5)
      rake
    puppetlabs_spec_helper (2.15.0)
      mocha (~> 1.0)
      pathspec (~> 0.2.1)
      puppet-lint (~> 2.0)
      puppet-syntax (>= 2.0, < 4)
      rspec-puppet (~> 2.0)
    rake (13.0.1)
    rspec (3.10.0)
      rspec-core (~> 3.10.0)
      rspec-expectations (~> 3.10.0)
      rspec-mocks (~> 3.10.0)
    rspec-core (3.10.0)
      rspec-support (~> 3.10.0)
    rspec-expectations (3.10.0)
      diff-lcs (>= 1.2.0, < 2.0)
      rspec-support (~> 3.10.0)
    rspec-mocks (3.10.0)
      diff-lcs (>= 1.2.0, < 2.0)
      rspec-support (~> 3.10.0)
    rspec-puppet (2.8.0)
      rspec
    rspec-support (3.10.0)
    semantic_puppet (1.0.2)
    thor (1.0.1)

PLATFORMS
  ruby

DEPENDENCIES
  puppet
  puppetlabs_spec_helper (>= 0.8.2)
  rake

BUNDLED WITH
   1.13.7
